GEM
  remote: https://rubygems.org/
  specs:
    abstract_type (0.0.7)
    activesupport (7.0.2.2)
      concurrent-ruby (~> 1.0, >= 1.0.2)
      i18n (>= 1.6, < 2)
      minitest (>= 5.1)
      tzinfo (~> 2.0)
    adamantium (0.2.0)
      ice_nine (~> 0.11.0)
      memoizable (~> 0.4.0)
    addressable (2.8.0)
      public_suffix (>= 2.0.2, < 5.0)
    anima (0.3.2)
      abstract_type (~> 0.0.7)
      adamantium (~> 0.2)
      equalizer (~> 0.0.11)
    ast (2.4.2)
    capybara (3.36.0)
      addressable
      matrix
      mini_mime (>= 0.1.3)
      nokogiri (~> 1.8)
      rack (>= 1.6.0)
      rack-test (>= 0.6.3)
      regexp_parser (>= 1.5, < 3.0)
      xpath (~> 3.2)
    childprocess (4.1.0)
    coderay (1.1.3)
    concord (0.1.6)
      adamantium (~> 0.2.0)
      equalizer (~> 0.0.9)
    concurrent-ruby (1.1.9)
    coolline (0.5.0)
      unicode_utils (~> 1.4)
    debase (0.2.4.1)
      debase-ruby_core_source (>= 0.10.2)
    debase-ruby_core_source (0.10.14)
    declarative (0.0.20)
    deep_merge (1.2.2)
    diff-lcs (1.5.0)
    domain_name (0.5.20190701)
      unf (>= 0.0.5, < 1.0.0)
    equalizer (0.0.11)
    ffi (1.15.5)
    gauge-ruby (0.5.4)
      debase (~> 0.2.2)
      grpc (~> 1.10, >= 1.10.0)
      method_source (>= 0.8.2, < 1.1.0)
      os (= 1.1.1)
      parser (~> 2.3)
      ruby-debug-ide (>= 0.6, < 0.8)
      ruby-protocol-buffers (= 1.6.1)
      unparser (>= 0.2.6, < 0.5.0)
    google-protobuf (3.19.4)
    google-protobuf (3.19.4-x86_64-darwin)
    googleapis-common-protos-types (1.3.0)
      google-protobuf (~> 3.14)
    grpc (1.43.1)
      google-protobuf (~> 3.18)
      googleapis-common-protos-types (~> 1.0)
    grpc (1.43.1-universal-darwin)
      google-protobuf (~> 3.18)
      googleapis-common-protos-types (~> 1.0)
    http-accept (1.7.0)
    http-cookie (1.0.4)
      domain_name (~> 0.5)
    i18n (1.10.0)
      concurrent-ruby (~> 1.0)
    ice_nine (0.11.2)
    json (2.6.1)
    json_builder (3.1.7)
      activesupport (>= 2.0.0)
      json
    ladle (1.0.1)
      open4 (~> 1.0)
    matrix (0.4.2)
    memoizable (0.4.2)
      thread_safe (~> 0.3, >= 0.3.1)
    method_source (1.0.0)
    mime-types (3.4.1)
      mime-types-data (~> 3.2015)
    mime-types-data (3.2022.0105)
    mini_mime (1.1.2)
    mini_portile2 (2.8.0)
    minitest (5.15.0)
    mprelude (0.1.0)
      abstract_type (~> 0.0.7)
      adamantium (~> 0.2.0)
      concord (~> 0.1.5)
      equalizer (~> 0.0.9)
      ice_nine (~> 0.11.1)
      procto (~> 0.0.2)
    multi_json (1.15.0)
    netrc (0.11.0)
    nokogiri (1.13.3)
      mini_portile2 (~> 2.8.0)
      racc (~> 1.4)
    nokogiri (1.13.3-x86_64-darwin)
      racc (~> 1.4)
    open4 (1.3.4)
    os (1.1.1)
    owasp_zap (0.1.0)
      addressable
      rest-client
    parser (2.7.2.0)
      ast (~> 2.4.1)
    power_assert (2.0.1)
    procto (0.0.3)
    pry (0.14.1)
      coderay (~> 1.1)
      method_source (~> 1.0)
    pry-coolline (0.2.6)
      coolline (~> 0.5)
      pry (~> 0.13)
    public_suffix (4.0.6)
    racc (1.6.0)
    rack (2.2.3)
    rack-test (1.1.0)
      rack (>= 1.0, < 3)
    rake (13.0.6)
    regexp_parser (2.2.1)
    representable (3.1.1)
      declarative (< 0.1.0)
      trailblazer-option (>= 0.1.1, < 0.2.0)
      uber (< 0.2.0)
    rest-client (2.1.0)
      http-accept (>= 1.7.0, < 2.0)
      http-cookie (>= 1.0.2, < 2.0)
      mime-types (>= 1.16, < 4.0)
      netrc (~> 0.8)
    rexml (3.2.5)
    roar (1.1.1)
      representable (~> 3.0)
    ruby-debug-ide (0.7.3)
      rake (>= 0.8.1)
    ruby-protocol-buffers (1.6.1)
    rubyzip (2.3.2)
    selenium-webdriver (4.1.0)
      childprocess (>= 0.5, < 5.0)
      rexml (~> 3.2, >= 3.2.5)
      rubyzip (>= 1.2.2)
    site_prism (3.7.3)
      addressable (~> 2.6)
      capybara (~> 3.15)
      site_prism-all_there (>= 0.3.1, < 1.0)
    site_prism-all_there (0.3.2)
    sys-proctable (1.2.6)
      ffi
    test-unit (3.5.3)
      power_assert
    thread_safe (0.3.6)
    trailblazer-option (0.1.2)
    tzinfo (2.0.4)
      concurrent-ruby (~> 1.0)
    uber (0.1.0)
    unf (0.1.4)
      unf_ext
    unf_ext (0.0.8)
    unicode_utils (1.4.0)
    unparser (0.4.9)
      abstract_type (~> 0.0.7)
      adamantium (~> 0.2.0)
      anima (~> 0.3.1)
      concord (~> 0.1.5)
      diff-lcs (~> 1.3)
      equalizer (~> 0.0.9)
      mprelude (~> 0.1.0)
      parser (>= 2.6.5)
      procto (~> 0.0.2)
    xpath (3.2.0)
      nokogiri (~> 1.8)

PLATFORMS
  ruby
  x86_64-darwin-16

DEPENDENCIES
  childprocess
  debase (~> 0.2.4.1)
  deep_merge
  ffi (< 1.15.6)
  gauge-ruby
  json_builder
  ladle
  multi_json
  os
  owasp_zap
  pry
  pry-coolline
  rake
  rest-client
  roar
  selenium-webdriver
  site_prism
  sys-proctable
  test-unit

BUNDLED WITH
   2.1.4
