GEM
  remote: https://rubygems.org/
  specs:
    abstract_type (0.0.7)
    activesupport (5.2.3)
      concurrent-ruby (~> 1.0, >= 1.0.2)
      i18n (>= 0.7, < 2)
      minitest (~> 5.1)
      tzinfo (~> 1.1)
    adamantium (0.2.0)
      ice_nine (~> 0.11.0)
      memoizable (~> 0.4.0)
    addressable (2.6.0)
      public_suffix (>= 2.0.2, < 4.0)
    ast (2.4.0)
    capybara (3.27.0)
      addressable
      mini_mime (>= 0.1.3)
      nokogiri (~> 1.8)
      rack (>= 1.6.0)
      rack-test (>= 0.6.3)
      regexp_parser (~> 1.5)
      xpath (~> 3.2)
    childprocess (1.0.1)
      rake (< 13.0)
    clipboard (1.3.3)
    coderay (1.1.2)
    concord (0.1.5)
      adamantium (~> 0.2.0)
      equalizer (~> 0.0.9)
    concurrent-ruby (1.1.5)
    coolline (0.5.0)
      unicode_utils (~> 1.4)
    debase (0.2.2)
      debase-ruby_core_source (>= 0.10.2)
    debase-ruby_core_source (0.10.4)
    declarative (0.0.10)
    declarative-option (0.1.0)
    deep_merge (1.2.1)
    diff-lcs (1.3)
    domain_name (0.5.20190701)
      unf (>= 0.0.5, < 1.0.0)
    equalizer (0.0.11)
    ffi (1.11.1)
    gauge-ruby (0.5.2)
      debase (~> 0.2.2)
      grpc (~> 1.10, >= 1.10.0)
      method_source (~> 0.8.2)
      os (= 0.9.6)
      parser (~> 2.3)
      ruby-debug-ide (~> 0.6.0)
      ruby-protocol-buffers (= 1.5.1)
      unparser (~> 0.2.6)
    google-protobuf (3.7.1)
    google-protobuf (3.7.1-universal-darwin)
    googleapis-common-protos-types (1.0.4)
      google-protobuf (~> 3.0)
    grpc (1.20.0)
      google-protobuf (~> 3.7)
      googleapis-common-protos-types (~> 1.0.0)
    grpc (1.20.0-universal-darwin)
      google-protobuf (~> 3.7)
      googleapis-common-protos-types (~> 1.0.0)
    http-accept (1.7.0)
    http-cookie (1.0.3)
      domain_name (~> 0.5)
    i18n (1.6.0)
      concurrent-ruby (~> 1.0)
    ice_nine (0.11.2)
    json (2.2.0)
    json_builder (3.1.7)
      activesupport (>= 2.0.0)
      json
    ladle (1.0.1)
      open4 (~> 1.0)
    memoizable (0.4.2)
      thread_safe (~> 0.3, >= 0.3.1)
    method_source (0.8.2)
    mime-types (3.2.2)
      mime-types-data (~> 3.2015)
    mime-types-data (3.2019.0331)
    mini_mime (1.0.2)
    mini_portile2 (2.4.0)
    minitest (5.11.3)
    multi_json (1.13.1)
    netrc (0.11.0)
    nokogiri (1.10.4)
      mini_portile2 (~> 2.4.0)
    open4 (1.3.4)
    os (0.9.6)
    owasp_zap (0.1.0)
      addressable
      rest-client
    parser (2.5.3.0)
      ast (~> 2.4.0)
    power_assert (1.1.4)
    procto (0.0.3)
    pry (0.11.0)
      coderay (~> 1.1.0)
      method_source (~> 0.8.1)
    pry-coolline (0.2.5)
      coolline (~> 0.5)
    public_suffix (3.1.1)
    rack (2.0.7)
    rack-test (1.1.0)
      rack (>= 1.0, < 3)
    rake (12.3.3)
    regexp_parser (1.6.0)
    representable (3.0.4)
      declarative (< 0.1.0)
      declarative-option (< 0.2.0)
      uber (< 0.2.0)
    rest-client (2.1.0)
      http-accept (>= 1.7.0, < 2.0)
      http-cookie (>= 1.0.2, < 2.0)
      mime-types (>= 1.16, < 4.0)
      netrc (~> 0.8)
    roar (1.1.0)
      representable (~> 3.0.0)
    ruby-debug-ide (0.6.1)
      rake (>= 0.8.1)
    ruby-protocol-buffers (1.5.1)
    rubyzip (1.2.3)
    selenium-webdriver (3.142.3)
      childprocess (>= 0.5, < 2.0)
      rubyzip (~> 1.2, >= 1.2.2)
    site_prism (3.4)
      addressable (~> 2.5)
      capybara (~> 3.3)
      site_prism-all_there (~> 0.2.0)
    site_prism-all_there (0.2.1)
    sys-proctable (1.2.2)
      ffi
    test-unit (3.3.3)
      power_assert
    thread_safe (0.3.6)
    tzinfo (1.2.5)
      thread_safe (~> 0.1)
    uber (0.1.0)
    unf (0.1.4)
      unf_ext
    unf_ext (0.0.7.6)
    unicode_utils (1.4.0)
    unparser (0.2.8)
      abstract_type (~> 0.0.7)
      adamantium (~> 0.2.0)
      concord (~> 0.1.5)
      diff-lcs (~> 1.3)
      equalizer (~> 0.0.9)
      parser (>= 2.3.1.2, < 2.6)
      procto (~> 0.0.2)
    xpath (3.2.0)
      nokogiri (~> 1.8)

PLATFORMS
  ruby
  x86_64-darwin-16

DEPENDENCIES
  childprocess
  clipboard (~> 1.3, >= 1.3.3)
  deep_merge
  ffi (< 1.11.2)
  gauge-ruby
  json_builder
  ladle
  multi_json
  os
  owasp_zap
  pry
  pry-coolline
  rake
  rest-client
  roar
  selenium-webdriver
  site_prism
  sys-proctable
  test-unit

BUNDLED WITH
   1.16.6
